GEM
  remote: https://rubygems.org/
  specs:
    bundler-audit (0.9.1)
      bundler (>= 1.2.0, < 3)
      thor (~> 1.0)
    thor (1.2.2)

PLATFORMS
  arm64-darwin-22
  x86_64-linux

DEPENDENCIES
  bundler-audit

RUBY VERSION
   ruby 3.2.2p53

BUNDLED WITH
   2.4.19
